GEM
  remote: https://rubygems.org/
  specs:
    andyw8-itunes-library (0.1.3)
      plist
    colorize (0.5.8)
    plist (3.1.0)
    ruby-progressbar (1.1.1)
    thread (0.1.1)

PLATFORMS
  ruby

DEPENDENCIES
  andyw8-itunes-library
  colorize
  ruby-progressbar
  thread
